GEM
  remote: http://rubygems.org/
  specs:
    abstract (1.0.0)
    actionmailer (3.0.1)
      actionpack (= 3.0.1)
      mail (~> 2.2.5)
    actionpack (3.0.1)
      activemodel (= 3.0.1)
      activesupport (= 3.0.1)
      builder (~> 2.1.2)
      erubis (~> 2.6.6)
      i18n (~> 0.4.1)
      rack (~> 1.2.1)
      rack-mount (~> 0.6.12)
      rack-test (~> 0.5.4)
      tzinfo (~> 0.3.23)
    activemodel (3.0.1)
      activesupport (= 3.0.1)
      builder (~> 2.1.2)
      i18n (~> 0.4.1)
    activerecord (3.0.1)
      activemodel (= 3.0.1)
      activesupport (= 3.0.1)
      arel (~> 1.0.0)
      tzinfo (~> 0.3.23)
    activeresource (3.0.1)
      activemodel (= 3.0.1)
      activesupport (= 3.0.1)
    activesupport (3.0.1)
    acts_as_taggable (2.0.2)
    arel (1.0.1)
      activesupport (~> 3.0.0)
    asset_packager (0.2.0)
    authlogic (2.1.6)
      activesupport
    automatic_foreign_key (1.1.5)
      activerecord (>= 2.2)
      redhillonrails_core (>= 1.0.4.1)
    builder (2.1.2)
    daemon_controller (0.2.5)
    erubis (2.6.6)
      abstract (>= 1.0.0)
    fastthread (1.0.7)
    file-tail (1.0.5)
      spruz (>= 0.1.0)
    i18n (0.4.1)
    mail (2.2.7)
      activesupport (>= 2.3.6)
      mime-types
      treetop (>= 1.4.5)
    mime-types (1.16)
    mysql2 (0.2.6)
    passenger (3.0.0)
      daemon_controller (>= 0.2.5)
      fastthread (>= 1.0.1)
      file-tail
      rack
      rake (>= 0.8.1)
    polyglot (0.3.1)
    rack (1.2.1)
    rack-mount (0.6.13)
      rack (>= 1.0.0)
    rack-test (0.5.6)
      rack (>= 1.0)
    rails (3.0.1)
      actionmailer (= 3.0.1)
      actionpack (= 3.0.1)
      activerecord (= 3.0.1)
      activeresource (= 3.0.1)
      activesupport (= 3.0.1)
      bundler (~> 1.0.0)
      railties (= 3.0.1)
    railties (3.0.1)
      actionpack (= 3.0.1)
      activesupport (= 3.0.1)
      rake (>= 0.8.4)
      thor (~> 0.14.0)
    rake (0.8.7)
    redhillonrails_core (1.0.5)
<<<<<<< HEAD
    rubyzip (0.9.4)
=======
    spruz (0.1.5)
>>>>>>> aabd064ca6dbe23abc111926f0b7a3a25407b9ed
    thor (0.14.3)
    treetop (1.4.8)
      polyglot (>= 0.3.1)
    tzinfo (0.3.23)
    xml-simple (1.0.12)

PLATFORMS
  ruby

DEPENDENCIES
  acts_as_taggable
  asset_packager
  authlogic
  automatic_foreign_key
  mysql2
  passenger
  rails (= 3.0.1)
  rubyzip
  xml-simple
